GEM
  specs:

PLATFORMS
  ruby

DEPENDENCIES
  pinetwork!
  sinatra

BUNDLED WITH
   2.4.22
